NUGET
  remote: https://nuget.org/api/v2
  specs:
    dotNetRDF (1.0.6.3421)
      HtmlAgilityPack (>= 1.4.6)
      HtmlAgilityPack (>= 1.4.6) - net35
      HtmlAgilityPack (>= 1.4.6) - net40
      Newtonsoft.Json (>= 6.0.3)
      Newtonsoft.Json (>= 6.0.3) - net35
      Newtonsoft.Json (>= 6.0.3) - net40
      Newtonsoft.Json (>= 6.0.3) - portable-7.0
      VDS.Common (1.3.0)
      VDS.Common (1.3.0) - net35
      VDS.Common (1.3.0) - net40
      VDS.Common (1.3.0) - portable-7.0
    FAKE (3.9.9)
    FSharp.Compiler.Service (0.0.67)
    FSharp.Formatting (2.4.36)
      FSharp.Compiler.Service (0.0.67)
      Microsoft.AspNet.Razor (2.0.30506.0)
      RazorEngine (3.3.0)
    HtmlAgilityPack (1.4.6)
    Microsoft.AspNet.Razor (2.0.30506.0)
    Microsoft.Bcl (1.1.9)
      Microsoft.Bcl.Build (>= 1.0.14)
    Microsoft.Bcl.Build (1.0.21)
    Microsoft.Net.Http (2.2.28)
      Microsoft.Bcl (>= 1.1.9)
      Microsoft.Bcl.Build (>= 1.0.14)
    Newtonsoft.Json (6.0.6)
    NuGet.CommandLine (2.8.3)
    NUnit (2.6.3)
    NUnit.Runners (2.6.3)
    Octokit (0.5.2)
      Microsoft.Net.Http (>= 0)
    RazorEngine (3.3.0)
      Microsoft.AspNet.Razor (>= 2.0.30506.0)
    SourceLink.Fake (0.4.2)
    VDS.Common (1.3.0)
GITHUB
  remote: fsharp/FAKE
  specs:
    modules/Octokit/Octokit.fsx (2267f836a7a053f5caa8ac6dc7f897ea867ecb4c)
      Octokit (>= 0)